PATH
  remote: .
  specs:
    mixcloud-rb (0.0.2)

GEM
  remote: https://rubygems.org/
  specs:
    addressable (2.4.0)
    coderay (1.1.2)
    crack (0.4.3)
      safe_yaml (~> 1.0.0)
    hashdiff (0.3.7)
    hashie (0.2.2)
    httparty (0.13.7)
      json (~> 1.8)
      multi_xml (>= 0.5.2)
    json (1.8.6)
    method_source (0.9.0)
    multi_xml (0.6.0)
    pry (0.11.3)
      coderay (~> 1.1.0)
      method_source (~> 0.9.0)
    rake (12.2.1)
    safe_yaml (1.0.4)
    vcr (4.0.0)
    webmock (2.3.2)
      addressable (>= 2.3.6)
      crack (>= 0.3.2)
      hashdiff

PLATFORMS
  ruby

DEPENDENCIES
  hashie (~> 0.2.0)
  httparty (~> 0.13.7)
  mixcloud-rb!
  pry
  rake
  vcr
  webmock

BUNDLED WITH
   1.16.1
